GEM
  remote: http://rubygems.org/
  specs:
    animation (0.1.alpha.3)
      compass (>= 0.12.0)
      sass (>= 3.2.0.alpha.95)
    ceaser-easing (0.4)
      compass (>= 0.12)
    chunky_png (1.2.5)
    coffee-script (2.2.0)
      coffee-script-source
      execjs
    coffee-script-source (1.3.2)
    compass (0.13.alpha.0)
      chunky_png (~> 1.2)
      fssm (>= 0.2.7)
      sass (~> 3.2.0.alpha.93)
    execjs (1.3.2)
      multi_json (~> 1.0)
    fssm (0.2.8.1)
    haml (3.1.5)
    libv8 (3.3.10.4)
    multi_json (1.3.5)
    rake (0.9.2.2)
    sass (3.2.0.alpha.237)
    therubyracer (0.10.1)
      libv8 (~> 3.3.10)
    uglifier (1.2.4)
      execjs (>= 0.3.0)
      multi_json (>= 1.0.2)

PLATFORMS
  ruby

DEPENDENCIES
  animation
  ceaser-easing
  coffee-script
  compass (~> 0.13.alpha.0)
  fssm
  haml
  rake
  therubyracer
  uglifier
